GEM
  remote: https://rubygems.org/
  specs:
    activesupport (4.2.3)
      i18n (~> 0.7)
      json (~> 1.7, >= 1.7.7)
      minitest (~> 5.1)
      thread_safe (~> 0.3, >= 0.3.4)
      tzinfo (~> 1.1)
    eventmachine (1.0.7)
    eventmachine-distributed-notification (0.2.1)
      eventmachine
    i18n (0.7.0)
    json (1.8.3)
    minitest (5.7.0)
    thread_safe (0.3.5)
    tzinfo (1.2.2)
      thread_safe (~> 0.1)

PLATFORMS
  ruby

DEPENDENCIES
  activesupport
  eventmachine
  eventmachine-distributed-notification
  json

BUNDLED WITH
   1.11.2
